GIT
  remote: https://github.com/intrigueio/intrigue-ident.git
  revision: 8b529c1fd29311417821d30e0b2832dfd564bee5
  specs:
    intrigue-ident (0.8.1)
      capybara
      selenium-webdriver (~> 3.12.0)

GIT
  remote: https://github.com/intrigueio/maxminddb
  revision: 1a48218c7577bc137bd7736e62a28e2d7d92b39c
  specs:
    maxminddb (0.1.22)

GIT
  remote: https://github.com/intrigueio/recog.git
  revision: 26664d2e6becb788751557378d6d08e825c2480d
  specs:
    recog-intrigue (2.1.17)
      nokogiri

GIT
  remote: https://github.com/intrigueio/rex-sslscan.git
  revision: a52c53ec09bd70cdd025b49c16dfeafe9fd3be5a
  specs:
    rex-sslscan (0.1.6)
      rex-core
      rex-socket
      rex-text

GIT
  remote: https://github.com/intrigueio/ruby-snmp.git
  revision: e41bb0e04b1fe9be4e02d261012ef52c3db217b6
  specs:
    snmp (1.2.0)

GIT
  remote: https://github.com/intrigueio/spidr.git
  revision: 44fa099e80e4cb3a8604c5dffe7612a4c2999fcb
  specs:
    spidr (0.6.0)
      nokogiri (~> 1.3)

GIT
  remote: https://github.com/intrigueio/yomu.git
  revision: a1eb2f115cb8cca76b2317396c5f4076287e03fb
  specs:
    yomu (0.2.5.pentestify)
      json
      mime-types (~> 1.23)

GIT
  remote: https://github.com/pentestify/censys.git
  revision: fdef04b36755d5d4378da89140844719b9c85e74
  specs:
    censys (0.1.0)

GIT
  remote: https://github.com/pentestify/opencorporates.git
  revision: d4a1c950665c81c815f263fa3240018fada83d39
  specs:
    opencorporates (0.0.1)

GIT
  remote: https://github.com/pentestify/ruby-nmap.git
  revision: ce5075972c2708901ab2a962a4cca5f6c9a99b54
  specs:
    ruby-nmap (0.9.0)
      nokogiri (~> 1.3)
      rprogram (~> 0.3)

GIT
  remote: https://github.com/pentestify/whoisology.git
  revision: e143ac84c6b1baf72ea7cb8a3d8bdfb260f96e36
  specs:
    whoisology (0.1.0)

PATH
  remote: api_client
  specs:
    intrigue_api_client (1.6.0)
      json (~> 1.8)
      rest-client (~> 2.0)

GEM
  remote: https://rubygems.org/
  specs:
    activesupport (5.2.2)
      concurrent-ruby (~> 1.0, >= 1.0.2)
      i18n (>= 0.7, < 2)
      minitest (~> 5.1)
      tzinfo (~> 1.1)
    addressable (2.6.0)
      public_suffix (>= 2.0.2, < 4.0)
    aws-eventstream (1.0.1)
    aws-partitions (1.138.0)
    aws-sdk-core (3.46.1)
      aws-eventstream (~> 1.0)
      aws-partitions (~> 1.0)
      aws-sigv4 (~> 1.0)
      jmespath (~> 1.0)
    aws-sdk-kms (1.13.0)
      aws-sdk-core (~> 3, >= 3.39.0)
      aws-sigv4 (~> 1.0)
    aws-sdk-s3 (1.30.1)
      aws-sdk-core (~> 3, >= 3.39.0)
      aws-sdk-kms (~> 1)
      aws-sigv4 (~> 1.0)
    aws-sdk-sqs (1.10.0)
      aws-sdk-core (~> 3, >= 3.39.0)
      aws-sigv4 (~> 1.0)
    aws-sigv4 (1.0.3)
    backports (3.11.4)
    blockenspiel (0.5.0)
    builder (3.2.3)
    byebug (10.0.2)
    capybara (3.24.0)
      addressable
      mini_mime (>= 0.1.3)
      nokogiri (~> 1.8)
      rack (>= 1.6.0)
      rack-test (>= 0.6.3)
      regexp_parser (~> 1.5)
      xpath (~> 3.2)
    childprocess (0.9.0)
      ffi (~> 1.0, >= 1.0.11)
    coderay (1.1.2)
    command_lion (2.0.1)
    concurrent-ruby (1.1.4)
    connection_pool (2.2.2)
    couchrest (2.0.1)
      httpclient (~> 2.8)
      mime-types (>= 1.15)
      multi_json (~> 1.7)
    diff-lcs (1.3)
    dnsruby (1.61.2)
      addressable (~> 2.5)
    domain_name (0.5.20180417)
      unf (>= 0.0.5, < 1.0.0)
    elasticsearch (6.1.0)
      elasticsearch-api (= 6.1.0)
      elasticsearch-transport (= 6.1.0)
    elasticsearch-api (6.1.0)
      multi_json
    elasticsearch-transport (6.1.0)
      faraday
      multi_json
    em-resolv-replace (1.1.3)
    eventmachine (1.2.7)
    excon (0.62.0)
    faraday (0.15.4)
      multipart-post (>= 1.2, < 3)
    faraday_middleware (0.13.1)
      faraday (>= 0.7.4, < 1.0)
    ffi (1.11.1)
    flareon (1.0.5)
      command_lion (= 2.0.1)
      httparty (~> 0.16.2)
      parallel (~> 1.12.1)
    fog-aws (3.3.0)
      fog-core (~> 2.1)
      fog-json (~> 1.1)
      fog-xml (~> 0.1)
      ipaddress (~> 0.8)
    fog-core (2.1.2)
      builder
      excon (~> 0.58)
      formatador (~> 0.2)
      mime-types
    fog-json (1.2.0)
      fog-core
      multi_json (~> 1.10)
    fog-xml (0.1.3)
      fog-core
      nokogiri (>= 1.5.11, < 2.0.0)
    foreman (0.85.0)
      thor (~> 0.19.1)
    formatador (0.2.5)
    gli (2.18.0)
    googleajax (1.0.1)
      json (>= 1.0.0)
    hashie (3.6.0)
    http-cookie (1.0.3)
      domain_name (~> 0.5)
    httparty (0.16.2)
      multi_xml (>= 0.5.2)
    httpclient (2.8.3)
    i18n (1.5.3)
      concurrent-ruby (~> 1.0)
    iconv (1.0.8)
    ipaddress (0.8.3)
    jmespath (1.4.0)
    json (1.8.6)
    logstash-event (1.2.02)
    logstash-logger (0.26.1)
      logstash-event (~> 1.2)
    method_source (0.9.2)
    mime-types (1.25.1)
    mini_mime (1.0.1)
    mini_portile2 (2.4.0)
    minitest (5.11.3)
    multi_json (1.13.1)
    multi_xml (0.6.0)
    multipart-post (2.0.0)
    mustermann (1.0.3)
    net-dns (0.9.0)
    netrc (0.11.0)
    nokogiri (1.10.3)
      mini_portile2 (~> 2.4.0)
    parallel (1.12.1)
    pg (1.1.4)
    pry (0.12.2)
      coderay (~> 1.1.0)
      method_source (~> 0.9.0)
    pry-byebug (3.6.0)
      byebug (~> 10.0)
      pry (~> 0.10)
    public_suffix (3.1.0)
    puma (3.12.0)
    rack (2.0.7)
    rack-protection (2.0.5)
      rack
    rack-test (1.1.0)
      rack (>= 1.0, < 3)
    rake (12.3.2)
    redis (4.1.0)
    redis-namespace (1.6.0)
      redis (>= 3.0.4)
    regexp_parser (1.5.1)
    rest-client (2.0.2)
      http-cookie (>= 1.0.2, < 2.0)
      mime-types (>= 1.16, < 4.0)
      netrc (~> 0.8)
    rex-core (0.1.13)
    rex-socket (0.1.16)
      rex-core
    rex-text (0.2.21)
    rprogram (0.3.2)
    rspec (3.8.0)
      rspec-core (~> 3.8.0)
      rspec-expectations (~> 3.8.0)
      rspec-mocks (~> 3.8.0)
    rspec-core (3.8.0)
      rspec-support (~> 3.8.0)
    rspec-expectations (3.8.2)
      diff-lcs (>= 1.2.0, < 2.0)
      rspec-support (~> 3.8.0)
    rspec-mocks (3.8.0)
      diff-lcs (>= 1.2.0, < 2.0)
      rspec-support (~> 3.8.0)
    rspec-support (3.8.0)
    rubyzip (1.2.3)
    selenium-webdriver (3.12.0)
      childprocess (~> 0.5)
      rubyzip (~> 1.2)
    sentry-raven (2.9.0)
      faraday (>= 0.7.6, < 1.0)
    sequel (5.17.0)
    shodan (1.0.0)
      json (>= 1.4.6)
    sidekiq (5.2.5)
      connection_pool (~> 2.2, >= 2.2.2)
      rack (>= 1.5.0)
      rack-protection (>= 1.5.0)
      redis (>= 3.3.5, < 5)
    sidekiq-failures (1.0.0)
      sidekiq (>= 4.0.0)
    sidekiq-limit_fetch (3.4.0)
      sidekiq (>= 4)
    sinatra (2.0.5)
      mustermann (~> 1.0)
      rack (~> 2.0)
      rack-protection (= 2.0.5)
      tilt (~> 2.0)
    sinatra-contrib (2.0.5)
      backports (>= 2.8.2)
      multi_json
      mustermann (~> 1.0)
      rack-protection (= 2.0.5)
      sinatra (= 2.0.5)
      tilt (>= 1.3, < 3)
    slack-ruby-client (0.13.1)
      activesupport
      faraday (>= 0.9)
      faraday_middleware
      gli
      hashie
      websocket-driver
    sqlite3 (1.4.0)
    thor (0.19.4)
    thread_safe (0.3.6)
    tilt (2.0.9)
    towerdata_api (1.3.1)
    tzinfo (1.2.5)
      thread_safe (~> 0.1)
    unf (0.1.4)
      unf_ext
    unf_ext (0.0.7.5)
    versionomy (0.5.0)
      blockenspiel (~> 0.5)
    websocket-driver (0.7.0)
      websocket-extensions (>= 0.1.0)
    websocket-extensions (0.1.3)
    whois (4.0.7)
    whois-parser (1.1.0)
      activesupport (>= 4)
      whois (>= 4.0.6)
    xpath (3.2.0)
      nokogiri (~> 1.8)
    yajl-ruby (1.4.1)
    yard (0.9.18)

PLATFORMS
  ruby

DEPENDENCIES
  aws-sdk-s3
  aws-sdk-sqs
  capybara
  censys!
  couchrest
  dnsruby
  elasticsearch
  em-resolv-replace
  eventmachine
  flareon
  fog-aws
  foreman
  googleajax
  iconv
  intrigue-ident!
  intrigue_api_client!
  logstash-logger
  maxminddb!
  net-dns
  nokogiri
  opencorporates!
  pg
  pry
  pry-byebug
  puma
  rack-protection
  rack-test
  rake
  recog-intrigue!
  redis
  redis-namespace
  rest-client
  rex-sslscan!
  rspec
  ruby-nmap!
  selenium-webdriver (~> 3.12.0)
  sentry-raven
  sequel
  shodan
  sidekiq
  sidekiq-failures
  sidekiq-limit_fetch
  sinatra (~> 2.0.1)
  sinatra-contrib (~> 2.0.1)
  slack-ruby-client
  snmp!
  spidr!
  sqlite3
  thor
  towerdata_api
  versionomy
  whois
  whois-parser
  whoisology!
  yajl-ruby
  yard
  yomu!

RUBY VERSION
   ruby 2.5.1p57

BUNDLED WITH
   2.0.1
