GIT
  remote: https://github.com/intrigueio/recog.git
  revision: 26664d2e6becb788751557378d6d08e825c2480d
  specs:
    recog-intrigue (2.1.17)
      nokogiri

GIT
  remote: https://github.com/intrigueio/ruby-snmp.git
  revision: e41bb0e04b1fe9be4e02d261012ef52c3db217b6
  specs:
    snmp (1.2.0)

GIT
  remote: https://github.com/intrigueio/spidr.git
  revision: 44fa099e80e4cb3a8604c5dffe7612a4c2999fcb
  specs:
    spidr (0.6.0)
      nokogiri (~> 1.3)

GIT
  remote: https://github.com/pentestify/censys.git
  revision: fdef04b36755d5d4378da89140844719b9c85e74
  specs:
    censys (0.1.0)

GIT
  remote: https://github.com/pentestify/opencorporates.git
  revision: d4a1c950665c81c815f263fa3240018fada83d39
  specs:
    opencorporates (0.0.1)

GIT
  remote: https://github.com/pentestify/ruby-nmap.git
  revision: ce5075972c2708901ab2a962a4cca5f6c9a99b54
  specs:
    ruby-nmap (0.9.0)
      nokogiri (~> 1.3)
      rprogram (~> 0.3)

GIT
  remote: https://github.com/pentestify/whoisology.git
  revision: e143ac84c6b1baf72ea7cb8a3d8bdfb260f96e36
  specs:
    whoisology (0.1.0)

GEM
  remote: https://rubygems.org/
  specs:
    activesupport (5.2.0)
      concurrent-ruby (~> 1.0, >= 1.0.2)
      i18n (>= 0.7, < 2)
      minitest (~> 5.1)
      tzinfo (~> 1.1)
    addressable (2.5.2)
      public_suffix (>= 2.0.2, < 4.0)
    aws-eventstream (1.0.0)
    aws-partitions (1.91.0)
    aws-sdk-core (3.21.2)
      aws-eventstream (~> 1.0)
      aws-partitions (~> 1.0)
      aws-sigv4 (~> 1.0)
      jmespath (~> 1.0)
    aws-sdk-kms (1.5.0)
      aws-sdk-core (~> 3)
      aws-sigv4 (~> 1.0)
    aws-sdk-s3 (1.13.0)
      aws-sdk-core (~> 3, >= 3.21.2)
      aws-sdk-kms (~> 1)
      aws-sigv4 (~> 1.0)
    aws-sdk-sqs (1.3.0)
      aws-sdk-core (~> 3)
      aws-sigv4 (~> 1.0)
    aws-sigv4 (1.0.2)
    backports (3.11.3)
    builder (3.2.3)
    byebug (10.0.2)
    capybara (3.2.1)
      addressable
      mini_mime (>= 0.1.3)
      nokogiri (~> 1.8)
      rack (>= 1.6.0)
      rack-test (>= 0.6.3)
      xpath (~> 3.1)
    cliver (0.3.2)
    coderay (1.1.2)
    concurrent-ruby (1.0.5)
    connection_pool (2.2.2)
    couchrest (2.0.1)
      httpclient (~> 2.8)
      mime-types (>= 1.15)
      multi_json (~> 1.7)
    diff-lcs (1.3)
    dnsruby (1.60.2)
    domain_name (0.5.20180417)
      unf (>= 0.0.5, < 1.0.0)
    elasticsearch (6.0.3)
      elasticsearch-api (= 6.0.3)
      elasticsearch-transport (= 6.0.3)
    elasticsearch-api (6.0.3)
      multi_json
    elasticsearch-transport (6.0.3)
      faraday
      multi_json
    em-resolv-replace (1.1.3)
    eventmachine (1.2.7)
    excon (0.62.0)
    faraday (0.15.2)
      multipart-post (>= 1.2, < 3)
    faraday_middleware (0.12.2)
      faraday (>= 0.7.4, < 1.0)
    fog-aws (3.0.0)
      fog-core (~> 2.1)
      fog-json (~> 1.1)
      fog-xml (~> 0.1)
      ipaddress (~> 0.8)
    fog-core (2.1.0)
      builder
      excon (~> 0.58)
      formatador (~> 0.2)
      mime-types
    fog-json (1.1.0)
      fog-core (~> 2.0)
      multi_json (~> 1.10)
    fog-xml (0.1.3)
      fog-core
      nokogiri (>= 1.5.11, < 2.0.0)
    foreman (0.84.0)
      thor (~> 0.19.1)
    formatador (0.2.5)
    geoip (1.6.4)
    gli (2.17.1)
    googleajax (1.0.1)
      json (>= 1.0.0)
    hashie (3.5.7)
    http-cookie (1.0.3)
      domain_name (~> 0.5)
    httpclient (2.8.3)
    i18n (1.0.1)
      concurrent-ruby (~> 1.0)
    iconv (1.0.5)
    intrigue_api_client (1.2.4)
      json (~> 1.8)
      rest-client (~> 1.8)
    ipaddress (0.8.3)
    jmespath (1.4.0)
    json (1.8.6)
    method_source (0.9.0)
    mime-types (1.25.1)
    mini_magick (4.8.0)
    mini_mime (1.0.0)
    mini_portile2 (2.3.0)
    minitest (5.11.3)
    multi_json (1.13.1)
    multipart-post (2.0.0)
    mustermann (1.0.2)
    net-dns (0.8.0)
    netrc (0.11.0)
    nokogiri (1.8.2)
      mini_portile2 (~> 2.3.0)
    pg (1.0.0)
    poltergeist (1.18.1)
      capybara (>= 2.1, < 4)
      cliver (~> 0.3.1)
      websocket-driver (>= 0.2.0)
    pry (0.11.3)
      coderay (~> 1.1.0)
      method_source (~> 0.9.0)
    pry-byebug (3.6.0)
      byebug (~> 10.0)
      pry (~> 0.10)
    public_suffix (3.0.2)
    puma (3.11.4)
    rack (2.0.5)
    rack-protection (2.0.3)
      rack
    rack-test (1.0.0)
      rack (>= 1.0, < 3)
    rake (12.3.1)
    redis (4.0.1)
    redis-namespace (1.6.0)
      redis (>= 3.0.4)
    rest-client (1.8.0)
      http-cookie (>= 1.0.2, < 2.0)
      mime-types (>= 1.16, < 3.0)
      netrc (~> 0.7)
    rprogram (0.3.2)
    rspec (3.7.0)
      rspec-core (~> 3.7.0)
      rspec-expectations (~> 3.7.0)
      rspec-mocks (~> 3.7.0)
    rspec-core (3.7.1)
      rspec-support (~> 3.7.0)
    rspec-expectations (3.7.0)
      diff-lcs (>= 1.2.0, < 2.0)
      rspec-support (~> 3.7.0)
    rspec-mocks (3.7.0)
      diff-lcs (>= 1.2.0, < 2.0)
      rspec-support (~> 3.7.0)
    rspec-support (3.7.1)
    sequel (5.9.0)
    shodan (1.0.0)
      json (>= 1.4.6)
    sidekiq (5.1.3)
      concurrent-ruby (~> 1.0)
      connection_pool (~> 2.2, >= 2.2.0)
      rack-protection (>= 1.5.0)
      redis (>= 3.3.5, < 5)
    sidekiq-failures (1.0.0)
      sidekiq (>= 4.0.0)
    sidekiq-limit_fetch (3.4.0)
      sidekiq (>= 4)
    sinatra (2.0.3)
      mustermann (~> 1.0)
      rack (~> 2.0)
      rack-protection (= 2.0.3)
      tilt (~> 2.0)
    sinatra-contrib (2.0.3)
      activesupport (>= 4.0.0)
      backports (>= 2.8.2)
      multi_json
      mustermann (~> 1.0)
      rack-protection (= 2.0.3)
      sinatra (= 2.0.3)
      tilt (>= 1.3, < 3)
    slack-ruby-client (0.11.1)
      activesupport
      faraday (>= 0.9)
      faraday_middleware
      gli
      hashie
      websocket-driver
    sqlite3 (1.3.13)
    thor (0.19.4)
    thread_safe (0.3.6)
    tilt (2.0.8)
    towerdata_api (1.3.1)
    tzinfo (1.2.5)
      thread_safe (~> 0.1)
    unf (0.1.4)
      unf_ext
    unf_ext (0.0.7.5)
    websocket-driver (0.7.0)
      websocket-extensions (>= 0.1.0)
    websocket-extensions (0.1.3)
    whois (4.0.6)
    whois-parser (1.1.0)
      activesupport (>= 4)
      whois (>= 4.0.6)
    xpath (3.1.0)
      nokogiri (~> 1.8)
    yajl-ruby (1.4.0)
    yard (0.9.14)
    yomu (0.2.4)
      json (~> 1.8)
      mime-types (~> 1.23)

PLATFORMS
  ruby

DEPENDENCIES
  aws-sdk-s3
  aws-sdk-sqs
  censys!
  couchrest
  dnsruby
  elasticsearch
  em-resolv-replace
  eventmachine
  fog-aws
  foreman
  geoip
  googleajax
  iconv
  intrigue_api_client
  mini_magick
  net-dns
  nokogiri
  opencorporates!
  pg
  poltergeist
  pry
  pry-byebug
  puma
  rack-protection
  rack-test
  rake
  recog-intrigue!
  redis
  redis-namespace
  rest-client
  rspec
  ruby-nmap!
  sequel
  shodan
  sidekiq
  sidekiq-failures
  sidekiq-limit_fetch
  sinatra (~> 2.0.1)
  sinatra-contrib (~> 2.0.1)
  slack-ruby-client
  snmp!
  spidr!
  sqlite3
  thor
  towerdata_api
  whois
  whois-parser
  whoisology!
  yajl-ruby
  yard
  yomu

BUNDLED WITH
   1.16.1
