GIT
  remote: https://github.com/intrigueio/arachnid.git
  revision: f980ed12e82347375f09b9d661cdaca1c0472ec5
  specs:
    arachnid (0.4.1)
      addressable
      bloomfilter-rb
      domainatrix
      nokogiri
      typhoeus

GIT
  remote: https://github.com/intrigueio/intrigue_api_client.git
  revision: 7a6b56e9f403eb5aa19be7c69368a3d329815fdb
  specs:
    intrigue_api_client (1.1.0)
      json (~> 1.8)
      rest-client (~> 1.8)

GIT
  remote: https://github.com/intrigueio/screencap.git
  revision: e3af2819f083b021babff97a9a61278ccf99cc22
  specs:
    screencap (0.1.4)
      phantomjs

GIT
  remote: https://github.com/pentestify/censys.git
  revision: ea7239c6a1e04a1b4b5d2870e87b2d497f0b3b96
  specs:
    censys (0.1.0)

GIT
  remote: https://github.com/pentestify/opencorporates.git
  revision: d4a1c950665c81c815f263fa3240018fada83d39
  specs:
    opencorporates (0.0.1)

GIT
  remote: https://github.com/pentestify/ruby-nmap.git
  revision: ce5075972c2708901ab2a962a4cca5f6c9a99b54
  specs:
    ruby-nmap (0.9.0)
      nokogiri (~> 1.3)
      rprogram (~> 0.3)

GIT
  remote: https://github.com/pentestify/whoisology.git
  revision: c46fd735d3e8e76ee6889c3bfbee07f1b4fa6fd3
  specs:
    whoisology (0.1.0)

GEM
  remote: https://rubygems.org/
  specs:
    activesupport (5.0.1)
      concurrent-ruby (~> 1.0, >= 1.0.2)
      i18n (~> 0.7)
      minitest (~> 5.1)
      tzinfo (~> 1.1)
    addressable (2.5.0)
      public_suffix (~> 2.0, >= 2.0.2)
    backports (3.6.8)
    bloomfilter-rb (2.1.1)
      redis
    byebug (9.0.6)
    coderay (1.1.1)
    concurrent-ruby (1.0.4)
    connection_pool (2.2.1)
    diff-lcs (1.2.5)
    dnsruby (1.60.0)
    domain_name (0.5.20161129)
      unf (>= 0.0.5, < 1.0.0)
    domainatrix (0.0.11)
      addressable
    elasticsearch (5.0.0)
      elasticsearch-api (= 5.0.0)
      elasticsearch-transport (= 5.0.0)
    elasticsearch-api (5.0.0)
      multi_json
    elasticsearch-transport (5.0.0)
      faraday
      multi_json
    em-resolv-replace (1.1.3)
    ethon (0.10.1)
      ffi (>= 1.3.0)
    eventmachine (1.2.1)
    faraday (0.10.1)
      multipart-post (>= 1.2, < 3)
    ffi (1.9.14)
    foreman (0.82.0)
      thor (~> 0.19.1)
    geoip (1.6.3)
    gmail (0.6.0)
      gmail_xoauth (>= 0.3.0)
      mail (>= 2.2.1)
    gmail_xoauth (0.4.2)
      oauth (>= 0.3.6)
    googleajax (1.0.1)
      json (>= 1.0.0)
    http-cookie (1.0.3)
      domain_name (~> 0.5)
    i18n (0.7.0)
    iconv (1.0.4)
    json (1.8.3)
    mail (2.6.4)
      mime-types (>= 1.16, < 4)
    method_source (0.8.2)
    mime-types (1.25.1)
    mini_portile2 (2.1.0)
    minitest (5.10.1)
    multi_json (1.12.1)
    multipart-post (2.0.0)
    net-dns (0.8.0)
    netrc (0.11.0)
    nokogiri (1.7.0.1)
      mini_portile2 (~> 2.1.0)
    oauth (0.5.1)
    pg (0.19.0)
    phantomjs (2.1.1.0)
    pry (0.10.4)
      coderay (~> 1.1.0)
      method_source (~> 0.8.1)
      slop (~> 3.4)
    pry-byebug (3.4.2)
      byebug (~> 9.0)
      pry (~> 0.10)
    public_suffix (2.0.5)
    puma (3.6.2)
    rack (1.6.5)
    rack-protection (1.5.3)
      rack
    rack-test (0.6.3)
      rack (>= 1.0)
    rake (12.0.0)
    redis (3.3.2)
    redis-namespace (1.5.2)
      redis (~> 3.0, >= 3.0.4)
    rest-client (1.8.0)
      http-cookie (>= 1.0.2, < 2.0)
      mime-types (>= 1.16, < 3.0)
      netrc (~> 0.7)
    rprogram (0.3.2)
    rspec (3.5.0)
      rspec-core (~> 3.5.0)
      rspec-expectations (~> 3.5.0)
      rspec-mocks (~> 3.5.0)
    rspec-core (3.5.4)
      rspec-support (~> 3.5.0)
    rspec-expectations (3.5.0)
      diff-lcs (>= 1.2.0, < 2.0)
      rspec-support (~> 3.5.0)
    rspec-mocks (3.5.0)
      diff-lcs (>= 1.2.0, < 2.0)
      rspec-support (~> 3.5.0)
    rspec-support (3.5.0)
    sequel (4.42.0)
    shodan (1.0.0)
      json (>= 1.4.6)
    sidekiq (4.2.7)
      concurrent-ruby (~> 1.0)
      connection_pool (~> 2.2, >= 2.2.0)
      rack-protection (>= 1.5.0)
      redis (~> 3.2, >= 3.2.1)
    sidekiq-failures (0.4.5)
      sidekiq (>= 2.16.0)
    sinatra (1.4.7)
      rack (~> 1.5)
      rack-protection (~> 1.4)
      tilt (>= 1.3, < 3)
    sinatra-contrib (1.4.7)
      backports (>= 2.0)
      multi_json
      rack-protection
      rack-test
      sinatra (~> 1.4.0)
      tilt (>= 1.3, < 3)
    slop (3.6.0)
    sqlite3 (1.3.13)
    thor (0.19.4)
    thread_safe (0.3.5)
    tilt (2.0.5)
    towerdata_api (1.3.1)
    typhoeus (1.1.2)
      ethon (>= 0.9.0)
    tzinfo (1.2.2)
      thread_safe (~> 0.1)
    unf (0.1.4)
      unf_ext
    unf_ext (0.0.7.2)
    whois (4.0.1)
    whois-parser (1.0.0)
      activesupport (>= 4)
      whois (>= 4.0.0)
    yomu (0.2.4)
      json (~> 1.8)
      mime-types (~> 1.23)

PLATFORMS
  ruby

DEPENDENCIES
  arachnid!
  censys!
  dnsruby
  elasticsearch
  em-resolv-replace
  eventmachine
  foreman
  geoip
  gmail
  googleajax
  iconv
  intrigue_api_client!
  net-dns
  nokogiri
  opencorporates!
  pg
  pry
  pry-byebug
  puma
  rack-protection
  rack-test
  rake
  redis
  redis-namespace
  rest-client
  rspec
  ruby-nmap!
  screencap!
  sequel
  shodan
  sidekiq
  sidekiq-failures
  sinatra
  sinatra-contrib
  sqlite3
  thor
  towerdata_api
  whois
  whois-parser
  whoisology!
  yomu

BUNDLED WITH
   1.13.7
