GIT
  remote: https://github.com/intrigueio/ruby-snmp.git
  revision: e41bb0e04b1fe9be4e02d261012ef52c3db217b6
  specs:
    snmp (1.2.0)

GIT
  remote: https://github.com/intrigueio/screencap.git
  revision: e3af2819f083b021babff97a9a61278ccf99cc22
  specs:
    screencap (0.1.4)
      phantomjs

GIT
  remote: https://github.com/intrigueio/spidr.git
  revision: 44fa099e80e4cb3a8604c5dffe7612a4c2999fcb
  specs:
    spidr (0.6.0)
      nokogiri (~> 1.3)

GIT
  remote: https://github.com/pentestify/censys.git
  revision: ea7239c6a1e04a1b4b5d2870e87b2d497f0b3b96
  specs:
    censys (0.1.0)

GIT
  remote: https://github.com/pentestify/opencorporates.git
  revision: d4a1c950665c81c815f263fa3240018fada83d39
  specs:
    opencorporates (0.0.1)

GIT
  remote: https://github.com/pentestify/ruby-nmap.git
  revision: ce5075972c2708901ab2a962a4cca5f6c9a99b54
  specs:
    ruby-nmap (0.9.0)
      nokogiri (~> 1.3)
      rprogram (~> 0.3)

GIT
  remote: https://github.com/pentestify/whoisology.git
  revision: c46fd735d3e8e76ee6889c3bfbee07f1b4fa6fd3
  specs:
    whoisology (0.1.0)

PATH
  remote: /Users/jcran/work/intrigue/projects/arachni
  specs:
    arachni (1.5.1)
      addressable (= 2.5.2)
      arachni-rpc (~> 0.2.1.4)
      awesome_print (= 1.6.1)
      bundler
      childprocess (= 0.5.3)
      coderay (= 1.1.2)
      concurrent-ruby (= 1.0.5)
      concurrent-ruby-ext (= 1.0.5)
      http_parser.rb (= 0.6.0)
      kramdown (= 1.4.1)
      loofah (= 2.0.3)
      msgpack (= 1.0.0)
      nokogiri (= 1.8.1)
      ox (= 2.4.11)
      pony (= 1.11)
      puma (= 3.10.0)
      rack (= 2.0.3)
      rb-readline (= 0.5.1)
      rubyzip (= 1.2.1)
      selenium-webdriver (= 3.0.1)
      sinatra (= 2.0.0)
      sinatra-contrib (= 2.0.0)
      terminal-table (= 1.4.5)
      typhoeus (= 1.0.2)
      watir-webdriver (= 0.9.9)

GEM
  remote: https://rubygems.org/
  specs:
    activesupport (5.1.4)
      concurrent-ruby (~> 1.0, >= 1.0.2)
      i18n (~> 0.7)
      minitest (~> 5.1)
      tzinfo (~> 1.1)
    addressable (2.5.2)
      public_suffix (>= 2.0.2, < 4.0)
    arachni-reactor (0.1.2)
    arachni-rpc (0.2.1.4)
      arachni-reactor (~> 0.1.2)
    awesome_print (1.6.1)
    aws-sdk (2.10.64)
      aws-sdk-resources (= 2.10.64)
    aws-sdk-core (2.10.64)
      aws-sigv4 (~> 1.0)
      jmespath (~> 1.0)
    aws-sdk-resources (2.10.64)
      aws-sdk-core (= 2.10.64)
    aws-sigv4 (1.0.2)
    backports (3.10.0)
    builder (3.2.3)
    byebug (9.1.0)
    capybara (2.15.4)
      addressable
      mini_mime (>= 0.1.3)
      nokogiri (>= 1.3.3)
      rack (>= 1.0.0)
      rack-test (>= 0.5.4)
      xpath (~> 2.0)
    childprocess (0.5.3)
      ffi (~> 1.0, >= 1.0.11)
    cliver (0.3.2)
    coderay (1.1.2)
    concurrent-ruby (1.0.5)
    concurrent-ruby-ext (1.0.5)
      concurrent-ruby (= 1.0.5)
    connection_pool (2.2.1)
    couchrest (2.0.1)
      httpclient (~> 2.8)
      mime-types (>= 1.15)
      multi_json (~> 1.7)
    diff-lcs (1.3)
    dnsruby (1.60.2)
    domain_name (0.5.20170404)
      unf (>= 0.0.5, < 1.0.0)
    elasticsearch (5.0.4)
      elasticsearch-api (= 5.0.4)
      elasticsearch-transport (= 5.0.4)
    elasticsearch-api (5.0.4)
      multi_json
    elasticsearch-transport (5.0.4)
      faraday
      multi_json
    em-resolv-replace (1.1.3)
    ethon (0.10.1)
      ffi (>= 1.3.0)
    eventmachine (1.2.5)
    excon (0.59.0)
    faraday (0.13.1)
      multipart-post (>= 1.2, < 3)
    ffi (1.9.18)
    fog-aws (1.4.1)
      fog-core (~> 1.38)
      fog-json (~> 1.0)
      fog-xml (~> 0.1)
      ipaddress (~> 0.8)
    fog-core (1.45.0)
      builder
      excon (~> 0.58)
      formatador (~> 0.2)
    fog-json (1.0.2)
      fog-core (~> 1.0)
      multi_json (~> 1.10)
    fog-xml (0.1.3)
      fog-core
      nokogiri (>= 1.5.11, < 2.0.0)
    foreman (0.84.0)
      thor (~> 0.19.1)
    formatador (0.2.5)
    geoip (1.6.3)
    googleajax (1.0.1)
      json (>= 1.0.0)
    http-cookie (1.0.3)
      domain_name (~> 0.5)
    http_parser.rb (0.6.0)
    httpclient (2.8.3)
    i18n (0.8.6)
    iconv (1.0.4)
    intrigue_api_client (1.2.4)
      json (~> 1.8)
      rest-client (~> 1.8)
    ipaddress (0.8.3)
    jmespath (1.3.1)
    json (1.8.6)
    kramdown (1.4.1)
    loofah (2.0.3)
      nokogiri (>= 1.5.9)
    mail (2.6.6)
      mime-types (>= 1.16, < 4)
    method_source (0.9.0)
    mime-types (1.25.1)
    mini_mime (0.1.4)
    mini_portile2 (2.3.0)
    minitest (5.10.3)
    msgpack (1.0.0)
    multi_json (1.12.2)
    multipart-post (2.0.0)
    mustermann (1.0.1)
    net-dns (0.8.0)
    netrc (0.11.0)
    nokogiri (1.8.1)
      mini_portile2 (~> 2.3.0)
    ox (2.4.11)
    pg (0.21.0)
    phantomjs (2.1.1.0)
    poltergeist (1.16.0)
      capybara (~> 2.1)
      cliver (~> 0.3.1)
      websocket-driver (>= 0.2.0)
    pony (1.11)
      mail (>= 2.0)
    pry (0.11.1)
      coderay (~> 1.1.0)
      method_source (~> 0.9.0)
    pry-byebug (3.5.0)
      byebug (~> 9.1)
      pry (~> 0.10)
    public_suffix (3.0.0)
    puma (3.10.0)
    rack (2.0.3)
    rack-protection (2.0.0)
      rack
    rack-test (0.7.0)
      rack (>= 1.0, < 3)
    rake (12.1.0)
    rb-readline (0.5.1)
    redis (3.3.5)
    redis-namespace (1.5.3)
      redis (~> 3.0, >= 3.0.4)
    rest-client (1.8.0)
      http-cookie (>= 1.0.2, < 2.0)
      mime-types (>= 1.16, < 3.0)
      netrc (~> 0.7)
    rprogram (0.3.2)
    rspec (3.6.0)
      rspec-core (~> 3.6.0)
      rspec-expectations (~> 3.6.0)
      rspec-mocks (~> 3.6.0)
    rspec-core (3.6.0)
      rspec-support (~> 3.6.0)
    rspec-expectations (3.6.0)
      diff-lcs (>= 1.2.0, < 2.0)
      rspec-support (~> 3.6.0)
    rspec-mocks (3.6.0)
      diff-lcs (>= 1.2.0, < 2.0)
      rspec-support (~> 3.6.0)
    rspec-support (3.6.0)
    rubyzip (1.2.1)
    selenium-webdriver (3.0.1)
      childprocess (~> 0.5)
      rubyzip (~> 1.0)
      websocket (~> 1.0)
    sequel (5.1.0)
    shodan (1.0.0)
      json (>= 1.4.6)
    sidekiq (5.0.5)
      concurrent-ruby (~> 1.0)
      connection_pool (~> 2.2, >= 2.2.0)
      rack-protection (>= 1.5.0)
      redis (>= 3.3.4, < 5)
    sidekiq-failures (1.0.0)
      sidekiq (>= 4.0.0)
    sidekiq-unique-jobs (5.0.10)
      sidekiq (>= 4.0, <= 6.0)
      thor (~> 0)
    sinatra (2.0.0)
      mustermann (~> 1.0)
      rack (~> 2.0)
      rack-protection (= 2.0.0)
      tilt (~> 2.0)
    sinatra-contrib (2.0.0)
      backports (>= 2.0)
      multi_json
      mustermann (~> 1.0)
      rack-protection (= 2.0.0)
      sinatra (= 2.0.0)
      tilt (>= 1.3, < 3)
    sqlite3 (1.3.13)
    terminal-table (1.4.5)
    thor (0.19.4)
    thread_safe (0.3.6)
    tilt (2.0.8)
    towerdata_api (1.3.1)
    typhoeus (1.0.2)
      ethon (>= 0.9.0)
    tzinfo (1.2.3)
      thread_safe (~> 0.1)
    unf (0.1.4)
      unf_ext
    unf_ext (0.0.7.4)
    watir-webdriver (0.9.9)
      selenium-webdriver (>= 2.46.2)
    websocket (1.2.4)
    websocket-driver (0.7.0)
      websocket-extensions (>= 0.1.0)
    websocket-extensions (0.1.2)
    whois (4.0.4)
    whois-parser (1.0.1)
      activesupport (>= 4)
      whois (>= 4.0.0)
    xpath (2.1.0)
      nokogiri (~> 1.3)
    yard (0.9.9)
    yomu (0.2.4)
      json (~> 1.8)
      mime-types (~> 1.23)

PLATFORMS
  ruby

DEPENDENCIES
  arachni!
  aws-sdk (~> 2)
  censys!
  couchrest
  dnsruby
  elasticsearch
  em-resolv-replace
  eventmachine
  fog-aws
  foreman
  geoip
  googleajax
  iconv
  intrigue_api_client
  net-dns
  nokogiri
  opencorporates!
  pg
  poltergeist
  pry
  pry-byebug
  puma
  rack-protection
  rack-test
  rake
  redis
  redis-namespace
  rest-client
  rspec
  ruby-nmap!
  screencap!
  sequel
  shodan
  sidekiq
  sidekiq-failures
  sidekiq-unique-jobs
  sinatra
  sinatra-contrib
  snmp!
  spidr!
  sqlite3
  thor
  towerdata_api
  whois
  whois-parser
  whoisology!
  yard
  yomu

BUNDLED WITH
   1.15.4
