GIT
  remote: https://github.com/datamapper/dm-aggregates.git
  revision: 68a6f29ab3c663a58eec2b5943e2ce538a9a4a2f
  specs:
    dm-aggregates (1.3.0.beta)
      dm-core (~> 1.3.0.beta)

GIT
  remote: https://github.com/datamapper/dm-do-adapter.git
  revision: 5b13be7b63b8ff2869fdb8bdbbc68470bead9993
  specs:
    dm-do-adapter (1.3.0.beta)
      data_objects (~> 0.10.6)
      dm-core (~> 1.3.0.beta)

GIT
  remote: https://github.com/datamapper/dm-migrations.git
  revision: 047ff9b46510c76ba1c1c6c6ebd14e8afc0a5c0b
  specs:
    dm-migrations (1.3.0.beta)
      dm-core (~> 1.3.0.beta)

GIT
  remote: https://github.com/datamapper/dm-postgres-adapter.git
  revision: c76fb44804a352540f6e435c38e396650eca2ace
  specs:
    dm-postgres-adapter (1.3.0.beta)
      dm-do-adapter (~> 1.3.0.beta)
      do_postgres (~> 0.10.6)

GIT
  remote: https://github.com/datamapper/dm-validations.git
  revision: 21c8ebde52f70c404c2fc8e10242f8cd92b761fc
  specs:
    dm-validations (1.3.0.beta)
      dm-core (~> 1.3.0.beta)

GIT
  remote: https://github.com/intrigueio/arachnid.git
  revision: f980ed12e82347375f09b9d661cdaca1c0472ec5
  specs:
    arachnid (0.4.1)
      addressable
      bloomfilter-rb
      domainatrix
      nokogiri
      typhoeus

GIT
  remote: https://github.com/intrigueio/dm-core.git
  revision: 2b7cd4c95a2e87cebea559a8583c4ff81e6a3b33
  specs:
    dm-core (1.3.0.beta)
      addressable (~> 2.3, >= 2.3.5)

GIT
  remote: https://github.com/intrigueio/dm-noisy-failures.git
  revision: 54e8255a0004decd654f7eeb6a3295ae3fb902db
  specs:
    dm-noisy-failures (0.2.3)
      dm-core
      dm-validations

GIT
  remote: https://github.com/intrigueio/dm-pagination.git
  revision: 18e0ac3b9cb392bf37b1205bed26932819f8d567
  branch: v1.3.0.beta
  specs:
    dm-pager (1.1.1)
      dm-aggregates (~> 1.3.0.beta)
      dm-core (~> 1.3.0.beta)

GIT
  remote: https://github.com/intrigueio/dm-serializer.git
  revision: 5e336b583950ca2396a328458bb3ba0965b871ad
  specs:
    dm-serializer (1.3.0.beta)
      dm-core (~> 1.3.0.beta)
      fastercsv (~> 1.5.4)
      multi_json (~> 1.11.0)

GIT
  remote: https://github.com/intrigueio/dm-types.git
  revision: a2bcc43baf914770b0301bacba1b51c60f26d9ea
  specs:
    dm-types (1.3.0.beta)
      bcrypt (~> 3.0)
      dm-core (~> 1.3.0.beta)
      fastercsv (~> 1.5.4)
      multi_json (>= 1.7.7)
      safe_yaml (~> 0.6.1)
      stringex (>= 2.0.8)
      uuidtools (~> 2.1.2)

GIT
  remote: https://github.com/intrigueio/intrigue_api_client.git
  revision: 443f99fdc83c7be9bae711dd4b7d1b9c6bc0808b
  specs:
    intrigue_api_client (1.0.6)
      json (~> 1.8)
      rest-client (~> 1.8)

GIT
  remote: https://github.com/intrigueio/screencap.git
  revision: e3af2819f083b021babff97a9a61278ccf99cc22
  specs:
    screencap (0.1.4)
      phantomjs

GIT
  remote: https://github.com/pentestify/censys.git
  revision: ea7239c6a1e04a1b4b5d2870e87b2d497f0b3b96
  specs:
    censys (0.1.0)

GIT
  remote: https://github.com/pentestify/opencorporates.git
  revision: d4a1c950665c81c815f263fa3240018fada83d39
  specs:
    opencorporates (0.0.1)

GIT
  remote: https://github.com/pentestify/ruby-nmap.git
  revision: ce5075972c2708901ab2a962a4cca5f6c9a99b54
  specs:
    ruby-nmap (0.9.0)
      nokogiri (~> 1.3)
      rprogram (~> 0.3)

GIT
  remote: https://github.com/pentestify/whoisology.git
  revision: c46fd735d3e8e76ee6889c3bfbee07f1b4fa6fd3
  specs:
    whoisology (0.1.0)

GEM
  remote: https://rubygems.org/
  specs:
    addressable (2.5.0)
      public_suffix (~> 2.0, >= 2.0.2)
    backports (3.6.8)
    bcrypt (3.1.11)
    bloomfilter-rb (2.1.1)
      redis
    coderay (1.1.1)
    concurrent-ruby (1.0.2)
    connection_pool (2.2.1)
    data_objects (0.10.17)
      addressable (~> 2.1)
    diff-lcs (1.2.5)
    dnsruby (1.60.0)
    do_postgres (0.10.17)
      data_objects (= 0.10.17)
    domain_name (0.5.20161129)
      unf (>= 0.0.5, < 1.0.0)
    domainatrix (0.0.11)
      addressable
    elasticsearch (5.0.0)
      elasticsearch-api (= 5.0.0)
      elasticsearch-transport (= 5.0.0)
    elasticsearch-api (5.0.0)
      multi_json
    elasticsearch-transport (5.0.0)
      faraday
      multi_json
    em-resolv-replace (1.1.3)
    ethon (0.10.1)
      ffi (>= 1.3.0)
    eventmachine (1.2.1)
    faraday (0.10.0)
      multipart-post (>= 1.2, < 3)
    fastercsv (1.5.5)
    ffi (1.9.14)
    foreman (0.82.0)
      thor (~> 0.19.1)
    geoip (1.6.2)
    gmail (0.6.0)
      gmail_xoauth (>= 0.3.0)
      mail (>= 2.2.1)
    gmail_xoauth (0.4.2)
      oauth (>= 0.3.6)
    googleajax (1.0.1)
      json (>= 1.0.0)
    http-cookie (1.0.3)
      domain_name (~> 0.5)
    iconv (1.0.4)
    json (1.8.3)
    mail (2.6.4)
      mime-types (>= 1.16, < 4)
    method_source (0.8.2)
    mime-types (1.25.1)
    mini_portile2 (2.1.0)
    multi_json (1.11.3)
    multipart-post (2.0.0)
    net-dns (0.8.0)
    netrc (0.11.0)
    nokogiri (1.6.8.1)
      mini_portile2 (~> 2.1.0)
    oauth (0.5.1)
    phantomjs (2.1.1.0)
    pry (0.10.4)
      coderay (~> 1.1.0)
      method_source (~> 0.8.1)
      slop (~> 3.4)
    public_suffix (2.0.4)
    puma (3.6.2)
    rack (1.6.5)
    rack-protection (1.5.3)
      rack
    rack-test (0.6.3)
      rack (>= 1.0)
    rake (12.0.0)
    redis (3.3.2)
    redis-namespace (1.5.2)
      redis (~> 3.0, >= 3.0.4)
    rest-client (1.8.0)
      http-cookie (>= 1.0.2, < 2.0)
      mime-types (>= 1.16, < 3.0)
      netrc (~> 0.7)
    rprogram (0.3.2)
    rspec (3.5.0)
      rspec-core (~> 3.5.0)
      rspec-expectations (~> 3.5.0)
      rspec-mocks (~> 3.5.0)
    rspec-core (3.5.4)
      rspec-support (~> 3.5.0)
    rspec-expectations (3.5.0)
      diff-lcs (>= 1.2.0, < 2.0)
      rspec-support (~> 3.5.0)
    rspec-mocks (3.5.0)
      diff-lcs (>= 1.2.0, < 2.0)
      rspec-support (~> 3.5.0)
    rspec-support (3.5.0)
    safe_yaml (0.6.3)
    shodan (1.0.0)
      json (>= 1.4.6)
    sidekiq (4.2.7)
      concurrent-ruby (~> 1.0)
      connection_pool (~> 2.2, >= 2.2.0)
      rack-protection (>= 1.5.0)
      redis (~> 3.2, >= 3.2.1)
    sidekiq-failures (0.4.5)
      sidekiq (>= 2.16.0)
    sinatra (1.4.7)
      rack (~> 1.5)
      rack-protection (~> 1.4)
      tilt (>= 1.3, < 3)
    sinatra-contrib (1.4.7)
      backports (>= 2.0)
      multi_json
      rack-protection
      rack-test
      sinatra (~> 1.4.0)
      tilt (>= 1.3, < 3)
    slop (3.6.0)
    stringex (2.6.1)
    thor (0.19.4)
    tilt (2.0.5)
    towerdata_api (1.3.1)
    typhoeus (1.1.2)
      ethon (>= 0.9.0)
    unf (0.1.4)
      unf_ext
    unf_ext (0.0.7.2)
    uuidtools (2.1.5)
    whois (4.0.1)
    yomu (0.2.4)
      json (~> 1.8)
      mime-types (~> 1.23)

PLATFORMS
  ruby

DEPENDENCIES
  arachnid!
  censys!
  dm-aggregates!
  dm-core!
  dm-do-adapter!
  dm-migrations!
  dm-noisy-failures!
  dm-pager!
  dm-postgres-adapter!
  dm-serializer!
  dm-types!
  dm-validations!
  dnsruby
  elasticsearch
  em-resolv-replace
  eventmachine
  foreman
  geoip
  gmail
  googleajax
  iconv
  intrigue_api_client!
  net-dns
  nokogiri
  opencorporates!
  pry
  puma
  rack-protection
  rack-test
  rake
  redis
  redis-namespace
  rest-client
  rspec
  ruby-nmap!
  screencap!
  shodan
  sidekiq
  sidekiq-failures
  sinatra
  sinatra-contrib
  thor
  towerdata_api
  whois
  whoisology!
  yomu

BUNDLED WITH
   1.13.6
