GIT
  remote: https://github.com/intrigueio/chrome_remote.git
  revision: fb2ca2b645e48f3ec1ace65732833eb7f892b0fe
  specs:
    chrome_remote (0.2.0)
      websocket-driver (~> 0.6)

GIT
  remote: https://github.com/intrigueio/intrigue-ident.git
  revision: 7d746dbd637c754bba8a347b173403f786f75f4f
  specs:
    intrigue-ident (0.9.2)
      selenium-webdriver
      snmp
      socketry
      watir

GIT
  remote: https://github.com/intrigueio/maxminddb
  revision: 1a48218c7577bc137bd7736e62a28e2d7d92b39c
  specs:
    maxminddb (0.1.22)

GIT
  remote: https://github.com/intrigueio/recog.git
  revision: 26664d2e6becb788751557378d6d08e825c2480d
  specs:
    recog-intrigue (2.1.17)
      nokogiri

GIT
  remote: https://github.com/intrigueio/rex-sslscan.git
  revision: a52c53ec09bd70cdd025b49c16dfeafe9fd3be5a
  specs:
    rex-sslscan (0.1.6)
      rex-core
      rex-socket
      rex-text

GIT
  remote: https://github.com/intrigueio/ruby-snmp.git
  revision: e41bb0e04b1fe9be4e02d261012ef52c3db217b6
  specs:
    snmp (1.2.0)

GIT
  remote: https://github.com/intrigueio/spidr.git
  revision: e62f9bb0a3bd8f2604b2f4b4d97115aedd0b134b
  specs:
    spidr (0.6.1)
      nokogiri (~> 1.3)

GIT
  remote: https://github.com/pentestify/censys.git
  revision: fdef04b36755d5d4378da89140844719b9c85e74
  specs:
    censys (0.1.0)

GIT
  remote: https://github.com/pentestify/opencorporates.git
  revision: d4a1c950665c81c815f263fa3240018fada83d39
  specs:
    opencorporates (0.0.1)

GIT
  remote: https://github.com/pentestify/ruby-nmap.git
  revision: ce5075972c2708901ab2a962a4cca5f6c9a99b54
  specs:
    ruby-nmap (0.9.0)
      nokogiri (~> 1.3)
      rprogram (~> 0.3)

GIT
  remote: https://github.com/pentestify/whoisology.git
  revision: e143ac84c6b1baf72ea7cb8a3d8bdfb260f96e36
  specs:
    whoisology (0.1.0)

PATH
  remote: api_client
  specs:
    intrigue_api_client (1.6.0)
      json (~> 1.8)
      rest-client (~> 2.0)

GEM
  remote: https://rubygems.org/
  specs:
    activesupport (6.0.0)
      concurrent-ruby (~> 1.0, >= 1.0.2)
      i18n (>= 0.7, < 2)
      minitest (~> 5.1)
      tzinfo (~> 1.1)
      zeitwerk (~> 2.1, >= 2.1.8)
    addressable (2.7.0)
      public_suffix (>= 2.0.2, < 5.0)
    aws-eventstream (1.0.3)
    aws-partitions (1.229.0)
    aws-sdk-core (3.72.0)
      aws-eventstream (~> 1.0, >= 1.0.2)
      aws-partitions (~> 1, >= 1.228.0)
      aws-sigv4 (~> 1.1)
      jmespath (~> 1.0)
    aws-sdk-kms (1.25.0)
      aws-sdk-core (~> 3, >= 3.71.0)
      aws-sigv4 (~> 1.1)
    aws-sdk-s3 (1.51.0)
      aws-sdk-core (~> 3, >= 3.71.0)
      aws-sdk-kms (~> 1)
      aws-sigv4 (~> 1.1)
    aws-sdk-sqs (1.23.0)
      aws-sdk-core (~> 3, >= 3.71.0)
      aws-sigv4 (~> 1.1)
    aws-sigv4 (1.1.0)
      aws-eventstream (~> 1.0, >= 1.0.2)
    backports (3.15.0)
    blockenspiel (0.5.0)
    builder (3.2.3)
    byebug (11.0.1)
    childprocess (3.0.0)
    coderay (1.1.2)
    command_lion (2.0.1)
    compare-xml (0.66)
      nokogiri (~> 1.8)
    concurrent-ruby (1.1.5)
    connection_pool (2.2.2)
    couchrest (2.0.1)
      httpclient (~> 2.8)
      mime-types (>= 1.15)
      multi_json (~> 1.7)
    diff-lcs (1.3)
    dnsruby (1.61.3)
      addressable (~> 2.5)
    domain_name (0.5.20190701)
      unf (>= 0.0.5, < 1.0.0)
    elasticsearch (7.3.0)
      elasticsearch-api (= 7.3.0)
      elasticsearch-transport (= 7.3.0)
    elasticsearch-api (7.3.0)
      multi_json
    elasticsearch-transport (7.3.0)
      faraday
      multi_json
    em-resolv-replace (1.1.3)
    eventmachine (1.2.7)
    excon (0.68.0)
    faraday (0.17.0)
      multipart-post (>= 1.2, < 3)
    filesize (0.2.0)
    flareon (1.0.5)
      command_lion (= 2.0.1)
      httparty (~> 0.16.2)
      parallel (~> 1.12.1)
    fog-aws (3.5.2)
      fog-core (~> 2.1)
      fog-json (~> 1.1)
      fog-xml (~> 0.1)
      ipaddress (~> 0.8)
    fog-core (2.1.2)
      builder
      excon (~> 0.58)
      formatador (~> 0.2)
      mime-types
    fog-json (1.2.0)
      fog-core
      multi_json (~> 1.10)
    fog-xml (0.1.3)
      fog-core
      nokogiri (>= 1.5.11, < 2.0.0)
    foreman (0.86.0)
    formatador (0.2.5)
    god (0.13.7)
    googleajax (1.0.1)
      json (>= 1.0.0)
    hitimes (1.3.1)
    http-2 (0.10.1)
    http-accept (1.7.0)
    http-cookie (1.0.3)
      domain_name (~> 0.5)
    httparty (0.16.4)
      mime-types (~> 3.0)
      multi_xml (>= 0.5.2)
    httpclient (2.8.3)
    i18n (1.7.0)
      concurrent-ruby (~> 1.0)
    iconv (1.0.8)
    ipaddress (0.8.3)
    jmespath (1.4.0)
    jsobfu (0.4.2)
      rkelly-remix
    json (1.8.6)
    metasm (1.0.4)
    method_source (0.9.2)
    mime-types (3.3)
      mime-types-data (~> 3.2015)
    mime-types-data (3.2019.1009)
    mini_portile2 (2.4.0)
    minitest (5.12.2)
    multi_json (1.14.1)
    multi_xml (0.6.0)
    multipart-post (2.1.1)
    mustermann (1.0.3)
    net-dns (0.9.0)
    net-http2 (0.18.2)
      http-2 (~> 0.10.1)
    netrc (0.11.0)
    nio4r (2.5.2)
    nokogiri (1.10.4)
      mini_portile2 (~> 2.4.0)
    parallel (1.12.1)
    pg (1.1.4)
    pry (0.12.2)
      coderay (~> 1.1.0)
      method_source (~> 0.9.0)
    pry-byebug (3.7.0)
      byebug (~> 11.0)
      pry (~> 0.10)
    public_suffix (4.0.1)
    puma (4.3.1)
      nio4r (~> 2.0)
    rack (2.0.8)
    rack-protection (2.0.7)
      rack
    rack-test (1.1.0)
      rack (>= 1.0, < 3)
    rake (13.0.0)
    rb-readline (0.5.5)
    redis (4.1.3)
    redis-namespace (1.6.0)
      redis (>= 3.0.4)
    regexp_parser (1.6.0)
    rest-client (2.1.0)
      http-accept (>= 1.7.0, < 2.0)
      http-cookie (>= 1.0.2, < 2.0)
      mime-types (>= 1.16, < 4.0)
      netrc (~> 0.8)
    rex (2.0.11)
      filesize
      jsobfu (~> 0.4.1)
      json
      metasm (~> 1.0.2)
      nokogiri
      rb-readline
      robots
    rex-core (0.1.13)
    rex-socket (0.1.20)
      rex-core
    rex-text (0.2.24)
    rkelly-remix (0.0.7)
    robots (0.10.1)
    rprogram (0.3.2)
    rspec (3.9.0)
      rspec-core (~> 3.9.0)
      rspec-expectations (~> 3.9.0)
      rspec-mocks (~> 3.9.0)
    rspec-core (3.9.0)
      rspec-support (~> 3.9.0)
    rspec-expectations (3.9.0)
      diff-lcs (>= 1.2.0, < 2.0)
      rspec-support (~> 3.9.0)
    rspec-mocks (3.9.0)
      diff-lcs (>= 1.2.0, < 2.0)
      rspec-support (~> 3.9.0)
    rspec-support (3.9.0)
    rubyzip (2.2.0)
    selenium-webdriver (3.142.7)
      childprocess (>= 0.5, < 4.0)
      rubyzip (>= 1.2.2)
    sentry-raven (2.12.2)
      faraday (>= 0.7.6, < 1.0)
    sequel (5.25.0)
    shodan (1.0.0)
      json (>= 1.4.6)
    sidekiq (6.0.3)
      connection_pool (>= 2.2.2)
      rack (>= 2.0.0)
      rack-protection (>= 2.0.0)
      redis (>= 4.1.0)
    sidekiq-failures (1.0.0)
      sidekiq (>= 4.0.0)
    sidekiq-limit_fetch (3.4.0)
      sidekiq (>= 4)
    sinatra (2.0.7)
      mustermann (~> 1.0)
      rack (~> 2.0)
      rack-protection (= 2.0.7)
      tilt (~> 2.0)
    sinatra-contrib (2.0.7)
      backports (>= 2.8.2)
      multi_json
      mustermann (~> 1.0)
      rack-protection (= 2.0.7)
      sinatra (= 2.0.7)
      tilt (~> 2.0)
    socketry (0.5.1)
      hitimes (~> 1.2)
    sqlite3 (1.4.1)
    thor (0.20.3)
    thread_safe (0.3.6)
    tilt (2.0.10)
    towerdata_api (1.3.1)
    tzinfo (1.2.5)
      thread_safe (~> 0.1)
    unf (0.1.4)
      unf_ext
    unf_ext (0.0.7.6)
    versionomy (0.5.0)
      blockenspiel (~> 0.5)
    watir (6.16.5)
      regexp_parser (~> 1.2)
      selenium-webdriver (~> 3.6)
    websocket-driver (0.7.1)
      websocket-extensions (>= 0.1.0)
    websocket-extensions (0.1.4)
    whois (5.0.0)
    whois-parser (1.2.0)
      activesupport (>= 4)
      whois (>= 4.0.7)
    yajl-ruby (1.4.1)
    yard (0.9.20)
    zeitwerk (2.2.0)

PLATFORMS
  ruby

DEPENDENCIES
  aws-sdk-s3
  aws-sdk-sqs
  censys!
  chrome_remote!
  compare-xml
  couchrest
  dnsruby
  elasticsearch
  em-resolv-replace
  eventmachine
  flareon
  fog-aws
  foreman
  god
  googleajax
  iconv
  intrigue-ident!
  intrigue_api_client!
  maxminddb!
  net-dns
  net-http2
  nokogiri
  opencorporates!
  pg
  pry
  pry-byebug
  puma
  rack-protection
  rack-test
  rake
  recog-intrigue!
  redis
  redis-namespace
  rest-client
  rex
  rex-sslscan!
  rspec
  ruby-nmap!
  rubyzip
  selenium-webdriver
  sentry-raven
  sequel
  shodan
  sidekiq
  sidekiq-failures
  sidekiq-limit_fetch
  sinatra (~> 2.0.1)
  sinatra-contrib (~> 2.0.1)
  snmp!
  spidr!
  sqlite3
  thor
  towerdata_api
  versionomy
  whois
  whois-parser
  whoisology!
  yajl-ruby
  yard

RUBY VERSION
   ruby 2.6.5p114

BUNDLED WITH
   2.0.2
